GEM
  remote: https://rubygems.org/
  specs:
    chunky_png (1.3.8)
    coderay (1.1.1)
    method_source (0.8.2)
    pry (0.10.4)
      coderay (~> 1.1.0)
      method_source (~> 0.8.1)
      slop (~> 3.4)
    pry-remote (0.1.8)
      pry (~> 0.9)
      slop (~> 3.0)
    puma (3.8.2)
    rack (1.6.5)
    rack-protection (1.5.3)
      rack
    sinatra (1.4.8)
      rack (~> 1.5)
      rack-protection (~> 1.4)
      tilt (>= 1.3, < 3)
    sinatra-cross_origin (0.3.2)
    slop (3.6.0)
    tilt (2.0.7)

PLATFORMS
  ruby

DEPENDENCIES
  chunky_png
  pry
  pry-remote
  puma
  sinatra
  sinatra-cross_origin (~> 0.3.1)

RUBY VERSION
   ruby 2.4.1p111

BUNDLED WITH
   1.15.1
