GEM
  remote: https://rubygems.org/
  specs:
    chunky_png (1.3.8)
    puma (3.8.2)
    rack (1.6.5)
    rack-protection (1.5.3)
      rack
    sinatra (1.4.8)
      rack (~> 1.5)
      rack-protection (~> 1.4)
      tilt (>= 1.3, < 3)
    sinatra-cross_origin (0.3.2)
    tilt (2.0.7)

PLATFORMS
  ruby

DEPENDENCIES
  chunky_png
  puma
  sinatra
  sinatra-cross_origin (~> 0.3.1)

RUBY VERSION
   ruby 2.4.1p111

BUNDLED WITH
   1.15.1
